GEM
  remote: https://rubygems.org/
  specs:
    faraday (2.3.0)
      faraday-net_http (~> 2.0)
      ruby2_keywords (>= 0.0.4)
    faraday-net_http (2.1.0)
    ruby2_keywords (0.0.5)

PLATFORMS
  x86_64-darwin-21
  x86_64-linux

DEPENDENCIES
  faraday
  faraday-net_http

BUNDLED WITH
   2.3.11
